GEM
  remote: https://rubygems.org/
  specs:
    activesupport (7.1.3.2)
      base64
      bigdecimal
      concurrent-ruby (~> 1.0, >= 1.0.2)
      connection_pool (>= 2.2.5)
      drb
      i18n (>= 1.6, < 2)
      minitest (>= 5.1)
      mutex_m
      tzinfo (~> 2.0)
    base64 (0.2.0)
    bigdecimal (3.1.7)
    concurrent-ruby (1.2.3)
    connection_pool (2.4.1)
    drb (2.2.1)
    i18n (1.14.4)
      concurrent-ruby (~> 1.0)
    libxml-ruby (5.0.3)
    minitest (5.22.3)
    multi_xml (0.6.0)
    mutex_m (0.2.0)
    slack-notifier (2.4.0)
    syobocalite (1.1.0)
      activesupport
      multi_xml
    tzinfo (2.0.6)
      concurrent-ruby (~> 1.0)

PLATFORMS
  ruby

DEPENDENCIES
  activesupport
  libxml-ruby
  multi_xml
  slack-notifier (>= 2.4.0)
  syobocalite (>= 1.1.0)

BUNDLED WITH
   2.6.2
